GEM
  remote: http://rubygems.org/
  specs:
    json (2.5.1)
    pdf-core (0.9.0)
    prawn (2.4.0)
      pdf-core (~> 0.9.0)
      ttfunk (~> 1.7)
    ttfunk (1.7.0)

PLATFORMS
  ruby

DEPENDENCIES
  json
  prawn

BUNDLED WITH
   2.1.4
